GEM
  remote: https://rubygems.org/
  specs:
    faraday (0.15.2)
      multipart-post (>= 1.2, < 3)
    multi_json (1.13.1)
    multipart-post (2.0.0)

PLATFORMS
  x64-mingw32

DEPENDENCIES
  faraday
  multi_json

BUNDLED WITH
   1.16.2
